GEM
  remote: http://rubygems.org/
  remote: http://gems.github.com/
  specs:
    POpen4 (0.1.4)
      Platform (>= 0.4.0)
      open4
    Platform (0.4.0)
    abstract (1.0.0)
    actionmailer (3.0.5)
      actionpack (= 3.0.5)
      mail (~> 2.2.15)
    actionpack (3.0.5)
      activemodel (= 3.0.5)
      activesupport (= 3.0.5)
      builder (~> 2.1.2)
      erubis (~> 2.6.6)
      i18n (~> 0.4)
      rack (~> 1.2.1)
      rack-mount (~> 0.6.13)
      rack-test (~> 0.5.7)
      tzinfo (~> 0.3.23)
    activemodel (3.0.5)
      activesupport (= 3.0.5)
      builder (~> 2.1.2)
      i18n (~> 0.4)
    activerecord (3.0.5)
      activemodel (= 3.0.5)
      activesupport (= 3.0.5)
      arel (~> 2.0.2)
      tzinfo (~> 0.3.23)
    activeresource (3.0.5)
      activemodel (= 3.0.5)
      activesupport (= 3.0.5)
    activesupport (3.0.5)
    arel (2.0.9)
    awesome_print (0.3.2)
    aws-s3 (0.6.2)
      builder
      mime-types
      xml-simple
    babosa (0.2.2)
    builder (2.1.2)
    cgi_multipart_eof_fix (2.5.0)
    closure-compiler (1.1.1)
    columnize (0.3.2)
    compass (0.10.6)
      haml (>= 3.0.4)
    commonwatir (1.8.1)
      user-choices
    daemons (1.1.0)
    delayed_job (2.1.4)
      activesupport (~> 3.0)
      daemons
    diff-lcs (1.1.2)
    erubis (2.6.6)
      abstract (>= 1.0.0)
    escape (0.0.4)
    fastthread (1.0.7)
    firewatir (1.8.1)
      commonwatir (= 1.8.1)
    friendly_id (3.2.1)
      babosa (~> 0.2.1)
    gem_plugin (0.2.3)
    haml (3.0.25)
    hirb (0.4.0)
    hoe (2.9.4)
      rake (>= 0.8.7)
    hoptoad_notifier (2.4.8)
      activesupport
      builder
    htmlentities (4.2.4)
    i18n (0.5.0)
    jammit (0.6.0)
      closure-compiler (>= 0.1.0)
      yui-compressor (>= 0.9.1)
    jquery-rails (0.2.7)
      rails (~> 3.0)
      thor (~> 0.14.4)
    json (1.5.1)
    kaminari (0.10.4)
      rails (>= 3.0.0)
    koala (0.10.0)
      json (>= 1.0)
    linecache (0.43)
    mail (2.2.15)
      activesupport (>= 2.3.6)
      i18n (>= 0.4.0)
      mime-types (~> 1.16)
      treetop (~> 1.4.8)
    meta_where (1.0.4)
      activerecord (~> 3.0.0)
      activesupport (~> 3.0.0)
      arel (~> 2.0.7)
    mime-types (1.16)
    mixpanel (0.8.1)
      escape
      json
      rack
    mongrel (1.1.5)
      cgi_multipart_eof_fix (>= 2.4)
      daemons (>= 1.0.3)
      fastthread (>= 1.0.1)
      gem_plugin (>= 0.2.3)
    mysql (2.8.1)
    nokogiri (1.4.4)
    open4 (1.0.1)
    paperclip (2.3.8)
      activerecord
      activesupport
    polyglot (0.3.1)
    rack (1.2.2)
    rack-mount (0.6.13)
      rack (>= 1.0.0)
    rack-test (0.5.7)
      rack (>= 1.0)
    rails (3.0.5)
      actionmailer (= 3.0.5)
      actionpack (= 3.0.5)
      activerecord (= 3.0.5)
      activeresource (= 3.0.5)
      activesupport (= 3.0.5)
      bundler (~> 1.0)
      railties (= 3.0.5)
    railties (3.0.5)
      actionpack (= 3.0.5)
      activesupport (= 3.0.5)
      rake (>= 0.8.7)
      thor (~> 0.14.4)
    rake (0.8.7)
    rest-client (1.6.1)
      mime-types (>= 1.16)
    rspec (2.5.0)
      rspec-core (~> 2.5.0)
      rspec-expectations (~> 2.5.0)
      rspec-mocks (~> 2.5.0)
    rspec-core (2.5.1)
    rspec-expectations (2.5.0)
      diff-lcs (~> 1.1.2)
    rspec-mocks (2.5.0)
    rspec-rails (2.5.0)
      actionpack (~> 3.0)
      activesupport (~> 3.0)
      railties (~> 3.0)
      rspec (~> 2.5.0)
    ruby-debug (0.10.4)
      columnize (>= 0.1)
      ruby-debug-base (~> 0.10.4.0)
    ruby-debug-base (0.10.4)
      linecache (>= 0.3)
    rubyzip (0.9.4)
    s4t-utils (1.0.4)
      hoe (>= 1.3.0)
    sequel (3.20.0)
    sinatra (1.0)
      rack (>= 1.0)
    sitemap_generator (1.4.0)
    sqlite3 (1.3.3)
    sqlite3-ruby (1.3.3)
      sqlite3 (>= 1.3.3)
    taps (0.3.23)
      rack (>= 1.0.1)
      rest-client (>= 1.4.0, < 1.7.0)
      sequel (~> 3.20.0)
      sinatra (~> 1.0.0)
      sqlite3-ruby (~> 1.2)
    thor (0.14.6)
    treetop (1.4.9)
      polyglot (>= 0.3.1)
    tzinfo (0.3.25)
    user-choices (1.1.6.1)
      builder (>= 2.1.2)
      s4t-utils (>= 1.0.3)
      xml-simple (>= 1.0.11)
    xml-simple (1.0.14)
    yui-compressor (0.9.6)
      POpen4 (>= 0.1.4)

PLATFORMS
  ruby

DEPENDENCIES
  awesome_print
  aws-s3
  compass (>= 0.10.5)
  delayed_job
  firewatir
  friendly_id (~> 3.2.1)
  haml
  hirb
  hoptoad_notifier
  htmlentities
  jammit
  jquery-rails
  kaminari
  koala
  meta_where
  mixpanel
  mongrel
  mysql
  nokogiri
  paperclip
  rails (= 3.0.5)
  rest-client
  rspec-rails (>= 2.0.0.beta)
  ruby-debug
  rubyzip
  sitemap_generator
  sqlite3-ruby
  taps (> 0.3.22)
